GIT
  remote: https://github.com/unasuke/openssl.git
  revision: 408dff68ccb345afff14eeff7f5a6dc4f329fb9c
  branch: ossl_cipher_ractor
  specs:
    openssl (2.2.0)

PATH
  remote: .
  specs:
    raiha (0.1.0)
      bindata
      tttls1.3

GEM
  remote: https://rubygems.org/
  specs:
    activesupport (6.1.4.1)
      concurrent-ruby (~> 1.0, >= 1.0.2)
      i18n (>= 1.6, < 2)
      minitest (>= 5.1)
      tzinfo (~> 2.0)
      zeitwerk (~> 2.3)
    ast (2.4.2)
    bindata (2.4.10)
    concurrent-ruby (1.1.9)
    ffi (1.15.3)
    i18n (1.8.10)
      concurrent-ruby (~> 1.0)
    language_server-protocol (3.16.0.1)
    listen (3.7.0)
      rb-fsevent (~> 0.10, >= 0.10.3)
      rb-inotify (~> 0.9, >= 0.9.10)
    logger (1.4.3)
    minitest (5.14.4)
    parallel (1.20.1)
    parser (3.0.2.0)
      ast (~> 2.4.1)
    rainbow (3.0.0)
    rake (10.5.0)
    rb-fsevent (0.11.0)
    rb-inotify (0.10.1)
      ffi (~> 1.0)
    rbs (1.5.1)
    steep (0.45.0)
      activesupport (>= 5.1)
      language_server-protocol (>= 3.15, < 4.0)
      listen (~> 3.0)
      parallel (>= 1.0.0)
      parser (>= 3.0)
      rainbow (>= 2.2.2, < 4.0)
      rbs (>= 1.2.0)
      terminal-table (>= 2, < 4)
    terminal-table (3.0.1)
      unicode-display_width (>= 1.1.1, < 3)
    tttls1.3 (0.2.15)
      logger
      openssl
    tzinfo (2.0.4)
      concurrent-ruby (~> 1.0)
    unicode-display_width (2.0.0)
    zeitwerk (2.4.2)

PLATFORMS
  x86_64-linux

DEPENDENCIES
  bundler (~> 2.0)
  minitest (~> 5.0)
  openssl!
  raiha!
  rake (~> 10.0)
  rbs
  steep

BUNDLED WITH
   2.2.22
